PATH
  remote: .
  specs:
    aoc2021 (8.2)

GEM
  remote: https://rubygems.org/
  specs:
    diff-lcs (1.4.4)
    rake (10.5.0)
    rspec (3.10.0)
      rspec-core (~> 3.10.0)
      rspec-expectations (~> 3.10.0)
      rspec-mocks (~> 3.10.0)
    rspec-core (3.10.1)
      rspec-support (~> 3.10.0)
    rspec-expectations (3.10.1)
      diff-lcs (>= 1.2.0, < 2.0)
      rspec-support (~> 3.10.0)
    rspec-mocks (3.10.2)
      diff-lcs (>= 1.2.0, < 2.0)
      rspec-support (~> 3.10.0)
    rspec-support (3.10.3)

PLATFORMS
  arm64-darwin-21

DEPENDENCIES
  aoc2021!
  bundler (~> 2.2)
  rake (~> 10.0)
  rspec (~> 3.0)

BUNDLED WITH
   2.2.33
